PATH
  remote: .
  specs:
    script_presenter_plugin (0.0.2)

GEM
  remote: https://rubygems.org/
  specs:
    rake (10.5.0)

PLATFORMS
  x86_64-darwin-20
  x86_64-linux

DEPENDENCIES
  bundler (~> 2.0)
  rake (~> 10.0)
  script_presenter_plugin!

BUNDLED WITH
   2.2.19
